GIT
  remote: git://github.com/celluloid/celluloid.git
  revision: 9f0924df92767bdd2586691e4371d3b611e3c56e
  specs:
    celluloid (0.16.0.pre)
      timers (~> 2.0.0)

GIT
  remote: git://github.com/code-mancers/rails-mailgun.git
  revision: dc4b0fcaf5dd12d730c45e91d41c1c1d4ee03699
  specs:
    rails-mailgun (0.0.1)
      rails (>= 3.2.13)
      rest-client (~> 1.6.7)

GIT
  remote: git://github.com/emberjs/ember-rails.git
  revision: d21fe55fcfb19ad1bdb72b4367bb3e16662f6fc5
  specs:
    ember-rails (0.14.1)
      active_model_serializers
      barber (>= 0.4.1)
      ember-data-source (>= 1.0.0.beta.5)
      ember-source (>= 1.1.0)
      execjs (>= 1.2)
      handlebars-source (> 1.0.0)
      jquery-rails (>= 1.0.17)
      railties (>= 3.1)

GIT
  remote: git://github.com/erundook/active_model_serializers.git
  revision: a43a6a3fe3cd9b9a5d00b529a5d4b98406704cbc
  branch: patch-1
  specs:
    active_model_serializers (0.9.0.alpha1)
      activemodel (>= 3.2)

GEM
  remote: https://rubygems.org/
  remote: http://2edaf45f:4e8fa5c0@www.mikeperham.com/rubygems/
  specs:
    actionmailer (4.0.2)
      actionpack (= 4.0.2)
      mail (~> 2.5.4)
    actionpack (4.0.2)
      activesupport (= 4.0.2)
      builder (~> 3.1.0)
      erubis (~> 2.7.0)
      rack (~> 1.5.2)
      rack-test (~> 0.6.2)
    activemodel (4.0.2)
      activesupport (= 4.0.2)
      builder (~> 3.1.0)
    activerecord (4.0.2)
      activemodel (= 4.0.2)
      activerecord-deprecated_finders (~> 1.0.2)
      activesupport (= 4.0.2)
      arel (~> 4.0.0)
    activerecord-deprecated_finders (1.0.3)
    activerecord-jdbc-adapter (1.3.5)
      activerecord (>= 2.2)
    activerecord-jdbcpostgresql-adapter (1.3.5)
      activerecord-jdbc-adapter (~> 1.3.5)
      jdbc-postgres (>= 9.1)
    activesupport (4.0.2)
      i18n (~> 0.6, >= 0.6.4)
      minitest (~> 4.2)
      multi_json (~> 1.3)
      thread_safe (~> 0.1)
      tzinfo (~> 0.3.37)
    arel (4.0.1)
    atomic (1.1.14)
    atomic (1.1.14-java)
    barber (0.4.2)
      ember-source
      execjs
      handlebars-source
    bcrypt-ruby (3.1.2)
    bcrypt-ruby (3.1.2-java)
    blankslate (2.1.2.4)
    builder (3.1.4)
    capistrano (3.1.0)
      i18n
      rake (>= 10.0.0)
      sshkit (~> 1.3)
    capistrano-bundler (1.1.1)
      capistrano (~> 3.0)
      sshkit (>= 1.2.0)
    capistrano-rails (1.1.1)
      capistrano (~> 3.1)
      capistrano-bundler (~> 1.1)
    celluloid-io (0.15.0)
      celluloid (>= 0.15.0)
      nio4r (>= 0.5.0)
    clockwork (0.7.0)
      activesupport
      tzinfo (~> 0.3.35)
    closure-compiler (1.1.10)
    coderay (1.1.0)
    coffee-rails (4.0.1)
      coffee-script (>= 2.2.0)
      railties (>= 4.0.0, < 5.0)
    coffee-script (2.2.0)
      coffee-script-source
      execjs
    coffee-script-source (1.6.3)
    connection_pool (1.2.0)
    daemons (1.1.9)
    dalli (2.7.0)
    database_cleaner (1.2.0)
    devise (3.2.2)
      bcrypt-ruby (~> 3.0)
      orm_adapter (~> 0.1)
      railties (>= 3.2.6, < 5)
      thread_safe (~> 0.1)
      warden (~> 1.2.3)
    devise-async (0.9.0)
      devise (~> 3.2)
    diff-lcs (1.2.5)
    edn (1.0.0)
      parslet (~> 1.4.0)
    ember-data-source (1.0.0.beta.6)
      ember-source
    ember-source (1.3.1.1)
      handlebars-source (~> 1.2.1)
    erubis (2.7.0)
    execjs (2.0.2)
    factory_girl (4.3.0)
      activesupport (>= 3.0.0)
    factory_girl_rails (4.3.0)
      factory_girl (~> 4.3.0)
      railties (>= 3.0.0)
    ffi (1.9.3-java)
    font-awesome-sass (4.0.2)
      sass-rails (>= 3.1.1)
    handlebars-source (1.2.1)
    has_scope (0.6.0.rc)
      actionpack (>= 3.2, < 5)
      activesupport (>= 3.2, < 5)
    hike (1.2.3)
    hitimes (1.2.1)
    hitimes (1.2.1-java)
    httparty (0.12.0)
      json (~> 1.8)
      multi_xml (>= 0.5.2)
    httpclient (2.3.4.1)
    i18n (0.6.9)
    inherited_resources (1.4.1)
      has_scope (~> 0.6.0.rc)
      responders (~> 1.0.0.rc)
    jdbc-postgres (9.3.1100)
    jquery-rails (3.0.4)
      railties (>= 3.0, < 5.0)
      thor (>= 0.14, < 2.0)
    jrjackson (0.2.6)
    json (1.8.1)
    json (1.8.1-java)
    krypt (0.0.1)
      krypt-core (= 0.0.1)
    krypt-core (0.0.1-java)
      krypt-provider-jdk (= 0.0.1)
    krypt-provider-jdk (0.0.1)
    mail (2.5.4)
      mime-types (~> 1.16)
      treetop (~> 1.4.8)
    method_source (0.8.2)
    mime-types (1.25.1)
    minitest (4.7.5)
    multi_json (1.8.4)
    multi_xml (0.5.5)
    net-scp (1.1.2)
      net-ssh (>= 2.6.5)
    net-ssh (2.7.0)
    newrelic_rpm (3.7.1.188)
    nio4r (1.0.0)
    nio4r (1.0.0-java)
    orm_adapter (0.5.0)
    parslet (1.4.0)
      blankslate (~> 2.0)
    polyglot (0.3.3)
    pry (0.9.12.5)
      coderay (~> 1.0)
      method_source (~> 0.8)
      slop (~> 3.4)
    pry (0.9.12.5-java)
      coderay (~> 1.0)
      method_source (~> 0.8)
      slop (~> 3.4)
      spoon (~> 0.0)
    puma (2.7.1)
      rack (>= 1.1, < 2.0)
    puma (2.7.1-java)
      rack (>= 1.1, < 2.0)
    pusher (0.12.0)
      httpclient (~> 2.3.0)
      multi_json (~> 1.0)
      signature (~> 0.1.6)
    quiet_assets (1.0.2)
      railties (>= 3.1, < 5.0)
    rack (1.5.2)
    rack-attack (2.3.0)
      rack
    rack-protection (1.5.2)
      rack
    rack-test (0.6.2)
      rack (>= 1.0)
    rails (4.0.2)
      actionmailer (= 4.0.2)
      actionpack (= 4.0.2)
      activerecord (= 4.0.2)
      activesupport (= 4.0.2)
      bundler (>= 1.3.0, < 2.0)
      railties (= 4.0.2)
      sprockets-rails (~> 2.0.0)
    railties (4.0.2)
      actionpack (= 4.0.2)
      activesupport (= 4.0.2)
      rake (>= 0.8.7)
      thor (>= 0.18.1, < 2.0)
    rake (10.1.1)
    redis (3.0.7)
    redis-namespace (1.4.1)
      redis (~> 3.0.4)
    responders (1.0.0)
      railties (>= 3.2, < 5)
    rest-client (1.6.7)
      mime-types (>= 1.16)
    rotp (1.6.1)
    rspec-core (2.14.7)
    rspec-expectations (2.14.4)
      diff-lcs (>= 1.1.3, < 2.0)
    rspec-mocks (2.14.4)
    rspec-rails (2.14.1)
      actionpack (>= 3.0)
      activemodel (>= 3.0)
      activesupport (>= 3.0)
      railties (>= 3.0)
      rspec-core (~> 2.14.0)
      rspec-expectations (~> 2.14.0)
      rspec-mocks (~> 2.14.0)
    sass (3.2.14)
    sass-rails (4.0.1)
      railties (>= 4.0.0, < 5.0)
      sass (>= 3.1.10)
      sprockets-rails (~> 2.0.0)
    shoulda-matchers (2.5.0)
      activesupport (>= 3.0.0)
    sidekiq (2.17.3)
      celluloid (>= 0.15.2)
      connection_pool (>= 1.0.0)
      json
      redis (>= 3.0.6)
      redis-namespace (>= 1.3.1)
    sidekiq-pro (1.4.2)
      sidekiq (>= 2.17.0)
    signature (0.1.7)
    sinatra (1.4.4)
      rack (~> 1.4)
      rack-protection (~> 1.4)
      tilt (~> 1.3, >= 1.3.4)
    slim (2.0.2)
      temple (~> 0.6.6)
      tilt (>= 1.3.3, < 2.1)
    slop (3.4.7)
    spoon (0.0.4)
      ffi
    sprockets (2.10.1)
      hike (~> 1.2)
      multi_json (~> 1.0)
      rack (~> 1.0)
      tilt (~> 1.1, != 1.3.0)
    sprockets-rails (2.0.1)
      actionpack (>= 3.0)
      activesupport (>= 3.0)
      sprockets (~> 2.8)
    sshkit (1.3.0)
      net-scp (>= 1.1.2)
      net-ssh
      term-ansicolor
    temple (0.6.7)
    term-ansicolor (1.2.2)
      tins (~> 0.8)
    therubyrhino (2.0.2)
      therubyrhino_jar (>= 1.7.3)
    therubyrhino_jar (1.7.4)
    thor (0.18.1)
    thread_safe (0.1.3)
      atomic
    thread_safe (0.1.3-java)
      atomic
    tilt (1.4.1)
    timers (2.0.0)
      hitimes
    tins (0.13.1)
    torquebox (3.0.1)
      thor (>= 0.14.6)
      torquebox-cache (= 3.0.1)
      torquebox-configure (= 3.0.1)
      torquebox-core (= 3.0.1)
      torquebox-messaging (= 3.0.1)
      torquebox-naming (= 3.0.1)
      torquebox-rake-support (= 3.0.1)
      torquebox-security (= 3.0.1)
      torquebox-stomp (= 3.0.1)
      torquebox-transactions (= 3.0.1)
      torquebox-web (= 3.0.1)
    torquebox-cache (3.0.1-java)
      torquebox-core (= 3.0.1)
      torquebox-transactions (= 3.0.1)
    torquebox-configure (3.0.1-java)
      blankslate (= 2.1.2.4)
    torquebox-core (3.0.1-java)
      edn (= 1.0.0)
    torquebox-messaging (3.0.1-java)
      torquebox-core (= 3.0.1)
      torquebox-transactions (= 3.0.1)
    torquebox-naming (3.0.1-java)
      torquebox-core (= 3.0.1)
    torquebox-rake-support (3.0.1)
      rake (>= 0.8.7)
    torquebox-security (3.0.1-java)
      torquebox-core (= 3.0.1)
    torquebox-server (3.0.1-java)
      torquebox (= 3.0.1)
    torquebox-stomp (3.0.1)
      torquebox-core (= 3.0.1)
      torquebox-messaging (= 3.0.1)
    torquebox-transactions (3.0.1)
      torquebox-core (= 3.0.1)
    torquebox-web (3.0.1-java)
    treetop (1.4.15)
      polyglot
      polyglot (>= 0.3.1)
    tzinfo (0.3.38)
    warden (1.2.3)
      rack (>= 1.0)
    will_paginate (3.0.5)
    will_paginate-bootstrap (1.0.0)
      will_paginate (>= 3.0.3)

PLATFORMS
  java

DEPENDENCIES
  active_model_serializers!
  activerecord-jdbcpostgresql-adapter
  capistrano
  capistrano-bundler
  capistrano-rails
  celluloid!
  celluloid-io
  clockwork
  closure-compiler
  coffee-rails (~> 4.0.0)
  daemons
  dalli
  database_cleaner
  devise
  devise-async
  ember-rails!
  factory_girl_rails (~> 4.0)
  font-awesome-sass
  has_scope
  httparty
  inherited_resources (~> 1.4.1)
  jrjackson
  krypt
  multi_json
  newrelic_rpm
  pry
  puma
  pusher
  quiet_assets
  rack-attack
  rails (= 4.0.2)
  rails-mailgun!
  rotp
  rspec-rails
  sass-rails (~> 4.0.0)
  shoulda-matchers
  sidekiq-pro
  sinatra
  slim
  therubyrhino
  timers
  torquebox
  torquebox-server
  will_paginate (~> 3.0)
  will_paginate-bootstrap
